{
	"Modality": "MR",
	"MagneticFieldStrength": 3,
	"Manufacturer": "Siemens",
	"ManufacturersModelName": "Skyra",
	"InstitutionName": "Lewis_Building",
	"InstitutionalDepartmentName": "Department",
	"InstitutionAddress": "Franklin_Blvd_1440_Eugene_District_US_97403",
	"DeviceSerialNumber": "45348",
	"StationName": "AWP45348",
	"BodyPartExamined": "BRAIN",
	"PatientPosition": "HFS",
	"ProcedureStepDescription": "bamlab_Zeithamova_FACAT13",
	"SoftwareVersions": "syngo_MR_E11",
	"MRAcquisitionType": "2D",
	"SeriesDescription": "TRAIN3",
	"ProtocolName": "TRAIN3",
	"ScanningSequence": "EP",
	"SequenceVariant": "SK_SS",
	"ScanOptions": "FS",
	"SequenceName": "epfid2d1_100",
	"ImageType": ["ORIGINAL", "PRIMARY", "M", "MB", "ND", "NORM", "MOSAIC"],
	"SeriesNumber": 7,
	"AcquisitionTime": "15:16:10.127500",
	"AcquisitionNumber": 1,
	"ImageComments": "Unaliased_MB3_PE4",
	"SliceThickness": 2,
	"SpacingBetweenSlices": 2,
	"SAR": 0.0996678,
	"EchoTime": 0.026,
	"RepetitionTime": 2,
	"FlipAngle": 90,
	"PartialFourier": 1,
	"BaseResolution": 100,
	"ShimSetting": [
		-5004,
		7579,
		9124,
		444,
		73,
		122,
		92,
		-357	],
	"TxRefAmp": 346.108,
	"PhaseResolution": 1,
	"ReceiveCoilName": "Head_32",
	"ReceiveCoilActiveElements": "HEA;HEP",
	"PulseSequenceDetails": "%CustomerSeq%_cmrr_mbep2d_bold",
	"ConsistencyInfo": "N4_VE11C_LATEST_20160120",
	"MultibandAccelerationFactor": 3,
	"PercentPhaseFOV": 100,
	"EchoTrainLength": 50,
	"PhaseEncodingSteps": 100,
	"AcquisitionMatrixPE": 100,
	"ReconMatrixPE": 100,
	"BandwidthPerPixelPhaseEncode": 29.851,
	"ParallelReductionFactorInPlane": 2,
	"EffectiveEchoSpacing": 0.000334997,
	"DerivedVendorReportedEchoSpacing": 0.000669994,
	"TotalReadoutTime": 0.0331647,
	"PixelBandwidth": 1785,
	"DwellTime": 2.8e-06,
	"PhaseEncodingDirection": "j-",
	"SliceTiming": [
		0,
		0.9075,
		1.815,
		0.7425,
		1.65,
		0.5775,
		1.485,
		0.4125,
		1.32,
		0.2475,
		1.155,
		0.0825,
		0.99,
		1.8975,
		0.825,
		1.7325,
		0.66,
		1.5675,
		0.495,
		1.4025,
		0.33,
		1.2375,
		0.165,
		1.0725,
		0,
		0.9075,
		1.815,
		0.7425,
		1.65,
		0.5775,
		1.485,
		0.4125,
		1.32,
		0.2475,
		1.155,
		0.0825,
		0.99,
		1.8975,
		0.825,
		1.7325,
		0.66,
		1.5675,
		0.495,
		1.4025,
		0.33,
		1.2375,
		0.165,
		1.0725,
		0,
		0.9075,
		1.815,
		0.7425,
		1.65,
		0.5775,
		1.485,
		0.4125,
		1.32,
		0.2475,
		1.155,
		0.0825,
		0.99,
		1.8975,
		0.825,
		1.7325,
		0.66,
		1.5675,
		0.495,
		1.4025,
		0.33,
		1.2375,
		0.165,
		1.0725	],
	"ImageOrientationPatientDICOM": [
		0.999015,
		-0.0130642,
		-0.0424062,
		-0.00714896,
		0.895805,
		-0.444391	],
	"InPlanePhaseEncodingDirectionDICOM": "COL",
	"ConversionSoftware": "dcm2niix",
	"ConversionSoftwareVersion": "v1.0.20180404 GCC4.8.5"
}
