{
	"Modality": "MR",
	"MagneticFieldStrength": 3,
	"ImagingFrequency": 123.22,
	"Manufacturer": "Siemens",
	"ManufacturersModelName": "Skyra",
	"InstitutionName": "Lewis Building",
	"InstitutionalDepartmentName": "Department",
	"InstitutionAddress": "Franklin Blvd 1440,Eugene,District,US,97403",
	"DeviceSerialNumber": "45348",
	"StationName": "AWP45348",
	"BodyPartExamined": "BRAIN",
	"PatientPosition": "HFS",
	"ProcedureStepDescription": "bamlab^Zeithamova^FACAT13",
	"SoftwareVersions": "syngo MR E11",
	"MRAcquisitionType": "2D",
	"SeriesDescription": "TRAIN3",
	"ProtocolName": "TRAIN3",
	"ScanningSequence": "EP",
	"SequenceVariant": "SK\\SS",
	"ScanOptions": "FS",
	"SequenceName": "epfid2d1_100",
	"ImageType": ["ORIGINAL", "PRIMARY", "M", "MB", "ND", "NORM", "MOSAIC"],
	"SeriesNumber": 7,
	"AcquisitionTime": "11:22:16.145000",
	"AcquisitionNumber": 1,
	"ImageComments": "Unaliased MB3/PE4",
	"SliceThickness": 2,
	"SpacingBetweenSlices": 2,
	"SAR": 0.109626,
	"EchoTime": 0.026,
	"RepetitionTime": 2,
	"FlipAngle": 90,
	"PartialFourier": 1,
	"BaseResolution": 100,
	"ShimSetting": [
		-4995,
		7555,
		9183,
		489,
		169,
		39,
		183,
		-318	],
	"TxRefAmp": 343.677,
	"PhaseResolution": 1,
	"ReceiveCoilName": "Head_32",
	"ReceiveCoilActiveElements": "HEA;HEP",
	"PulseSequenceDetails": "%CustomerSeq%\\cmrr_mbep2d_bold",
	"WipMemBlock": "b5201ddd-5779-4238-a121-05d0d819256c||Sequence: R016 ve11c/master r/8780670; Nov 27 2017 15:05:12 by eja",
	"RefLinesPE": 50,
	"CoilCombinationMethod": "Sum of Squares",
	"ConsistencyInfo": "N4_VE11C_LATEST_20160120",
	"MatrixCoilMode": "GRAPPA",
	"MultibandAccelerationFactor": 3,
	"PercentPhaseFOV": 100,
	"PercentSampling": 100,
	"EchoTrainLength": 50,
	"PhaseEncodingSteps": 100,
	"AcquisitionMatrixPE": 100,
	"ReconMatrixPE": 100,
	"BandwidthPerPixelPhaseEncode": 29.851,
	"ParallelReductionFactorInPlane": 2,
	"EffectiveEchoSpacing": 0.000334997,
	"DerivedVendorReportedEchoSpacing": 0.000669994,
	"TotalReadoutTime": 0.0331647,
	"PixelBandwidth": 1785,
	"DwellTime": 2.8e-06,
	"PhaseEncodingDirection": "j-",
	"SliceTiming": [
		0,
		0.9075,
		1.815,
		0.7425,
		1.65,
		0.5775,
		1.485,
		0.4125,
		1.32,
		0.2475,
		1.155,
		0.0825,
		0.99,
		1.8975,
		0.825,
		1.7325,
		0.66,
		1.5675,
		0.495,
		1.4025,
		0.33,
		1.2375,
		0.165,
		1.0725,
		0,
		0.9075,
		1.815,
		0.7425,
		1.65,
		0.5775,
		1.485,
		0.4125,
		1.32,
		0.2475,
		1.155,
		0.0825,
		0.99,
		1.8975,
		0.825,
		1.7325,
		0.66,
		1.5675,
		0.495,
		1.4025,
		0.33,
		1.2375,
		0.165,
		1.0725,
		0,
		0.9075,
		1.815,
		0.7425,
		1.65,
		0.5775,
		1.485,
		0.4125,
		1.32,
		0.2475,
		1.155,
		0.0825,
		0.99,
		1.8975,
		0.825,
		1.7325,
		0.66,
		1.5675,
		0.495,
		1.4025,
		0.33,
		1.2375,
		0.165,
		1.0725	],
	"ImageOrientationPatientDICOM": [
		0.999955,
		0.009032,
		0.00297437,
		-0.0087265,
		0.995875,
		-0.090316	],
	"ImageOrientationText": "Tra>Cor(-5.2)>Sag(0.2)",
	"InPlanePhaseEncodingDirectionDICOM": "COL",
	"ConversionSoftware": "dcm2niix",
	"ConversionSoftwareVersion": "v1.0.20211006"
}
