{
	"Modality": "MR",
	"MagneticFieldStrength": 3,
	"Manufacturer": "Siemens",
	"ManufacturersModelName": "Skyra",
	"InstitutionName": "University_of_Oregon",
	"InstitutionalDepartmentName": "Department",
	"InstitutionAddress": "Franklin_Blvd_1440_Eugene_District_US_97403",
	"DeviceSerialNumber": "45348",
	"StationName": "AWP45348",
	"BodyPartExamined": "BRAIN",
	"PatientPosition": "HFS",
	"ProcedureStepDescription": "bamlab_Zeithamova_FACAT13",
	"SoftwareVersions": "syngo_MR_E11",
	"MRAcquisitionType": "2D",
	"SeriesDescription": "TRAIN1",
	"ProtocolName": "TRAIN1",
	"ScanningSequence": "EP",
	"SequenceVariant": "SK_SS",
	"ScanOptions": "FS",
	"SequenceName": "epfid2d1_100",
	"ImageType": ["ORIGINAL", "PRIMARY", "M", "MB", "ND", "NORM", "MOSAIC"],
	"SeriesNumber": 5,
	"AcquisitionTime": "13:29:21.682500",
	"AcquisitionNumber": 1,
	"ImageComments": "Unaliased_MB3_PE4",
	"SliceThickness": 2,
	"SpacingBetweenSlices": 2,
	"SAR": 0.102203,
	"EchoTime": 0.026,
	"RepetitionTime": 2,
	"FlipAngle": 90,
	"PartialFourier": 1,
	"BaseResolution": 100,
	"ShimSetting": [
		-4986,
		7503,
		9229,
		771,
		45,
		298,
		-86,
		-270	],
	"TxRefAmp": 329.041,
	"PhaseResolution": 1,
	"ReceiveCoilName": "Head_32",
	"ReceiveCoilActiveElements": "HEA;HEP",
	"PulseSequenceDetails": "%CustomerSeq%_cmrr_mbep2d_bold",
	"ConsistencyInfo": "N4_VE11C_LATEST_20160120",
	"MultibandAccelerationFactor": 3,
	"PercentPhaseFOV": 100,
	"EchoTrainLength": 50,
	"PhaseEncodingSteps": 100,
	"AcquisitionMatrixPE": 100,
	"ReconMatrixPE": 100,
	"BandwidthPerPixelPhaseEncode": 29.851,
	"ParallelReductionFactorInPlane": 2,
	"EffectiveEchoSpacing": 0.000334997,
	"DerivedVendorReportedEchoSpacing": 0.000669994,
	"TotalReadoutTime": 0.0331647,
	"PixelBandwidth": 1785,
	"DwellTime": 2.8e-06,
	"PhaseEncodingDirection": "j-",
	"SliceTiming": [
		0,
		0.905,
		1.8125,
		0.74,
		1.6475,
		0.575,
		1.4825,
		0.41,
		1.3175,
		0.2475,
		1.1525,
		0.0825,
		0.9875,
		1.895,
		0.8225,
		1.73,
		0.6575,
		1.565,
		0.4925,
		1.4,
		0.3275,
		1.235,
		0.165,
		1.07,
		0,
		0.905,
		1.8125,
		0.74,
		1.6475,
		0.575,
		1.4825,
		0.41,
		1.3175,
		0.2475,
		1.1525,
		0.0825,
		0.9875,
		1.895,
		0.8225,
		1.73,
		0.6575,
		1.565,
		0.4925,
		1.4,
		0.3275,
		1.235,
		0.165,
		1.07,
		0,
		0.905,
		1.8125,
		0.74,
		1.6475,
		0.575,
		1.4825,
		0.41,
		1.3175,
		0.2475,
		1.1525,
		0.0825,
		0.9875,
		1.895,
		0.8225,
		1.73,
		0.6575,
		1.565,
		0.4925,
		1.4,
		0.3275,
		1.235,
		0.165,
		1.07	],
	"ImageOrientationPatientDICOM": [
		0.998532,
		0.0273774,
		0.0467457,
		-0.013943,
		0.963713,
		-0.266578	],
	"InPlanePhaseEncodingDirectionDICOM": "COL",
	"ConversionSoftware": "dcm2niix",
	"ConversionSoftwareVersion": "v1.0.20180404 GCC4.8.5"
}
